GEM
  remote: http://rubygems.org/
  specs:
    addressable (2.3.6)
    barista (1.3.0)
      coffee-script (~> 2.2)
    chunky_png (1.3.1)
    coffee-script (2.2.0)
      coffee-script-source
      execjs
    coffee-script-source (1.7.0)
    compass (0.12.6)
      chunky_png (~> 1.2)
      fssm (>= 0.2.7)
      sass (~> 3.2.19)
    daemons (1.1.9)
    diff-lcs (1.2.5)
    docile (1.1.3)
    em-websocket (0.3.8)
      addressable (>= 2.1.1)
      eventmachine (>= 0.12.9)
    eventmachine (1.0.3)
    execjs (2.1.0)
    fssm (0.2.10)
    haml (4.0.5)
      tilt
    jsmin (1.0.1)
    json (1.8.1)
    json-stream (0.1.3)
    libv8 (3.16.14.3)
    multi_json (1.10.1)
    rack (1.5.2)
    rack-protection (1.5.3)
      rack
    rack-test (0.6.2)
      rack (>= 1.0)
    rdoc (4.1.1)
      json (~> 1.4)
    ref (1.0.5)
    rspec (3.0.0)
      rspec-core (~> 3.0.0)
      rspec-expectations (~> 3.0.0)
      rspec-mocks (~> 3.0.0)
    rspec-core (3.0.0)
      rspec-support (~> 3.0.0)
    rspec-expectations (3.0.0)
      diff-lcs (>= 1.2.0, < 2.0)
      rspec-support (~> 3.0.0)
    rspec-mocks (3.0.0)
      rspec-support (~> 3.0.0)
    rspec-support (3.0.0)
    sass (3.2.19)
    semver (1.0.1)
    simplecov (0.8.2)
      docile (~> 1.1.0)
      multi_json
      simplecov-html (~> 0.8.0)
    simplecov-html (0.8.0)
    sinatra (1.4.5)
      rack (~> 1.4)
      rack-protection (~> 1.4)
      tilt (~> 1.3, >= 1.3.4)
    sinatra-assetpack (0.3.3)
      jsmin
      rack-test
      sinatra
      tilt (>= 1.3.0, < 2.0)
    sinatra-websocket (0.3.0)
      em-websocket (~> 0.3.6)
      eventmachine
      thin (>= 1.3.1)
    smarter_csv (1.0.17)
    therubyracer (0.12.1)
      libv8 (~> 3.16.14.0)
      ref
    thin (1.6.2)
      daemons (>= 1.0.9)
      eventmachine (>= 1.0.0)
      rack (>= 1.0.0)
    tilt (1.4.1)
    yard (0.8.7.4)

PLATFORMS
  ruby

DEPENDENCIES
  barista
  compass
  haml
  json
  json-stream
  rdoc
  rspec
  sass
  semver
  simplecov
  sinatra
  sinatra-assetpack
  sinatra-websocket
  smarter_csv
  therubyracer
  thin
  yard
